GEM
  remote: https://rubygems.org/
  specs:
    activesupport (4.0.3)
      i18n (~> 0.6, >= 0.6.4)
      minitest (~> 4.2)
      multi_json (~> 1.3)
      thread_safe (~> 0.1)
      tzinfo (~> 0.3.37)
    atomic (1.1.15)
    commander (4.1.6)
      highline (~> 1.6.11)
    grocer (0.5.0)
    highline (1.6.21)
    i18n (0.6.9)
    minitest (4.7.5)
    multi_json (1.9.0)
    passbook (0.3.1)
    rack (1.4.4)
    rack-protection (1.3.2)
      rack
    rubyzip (1.0.0)
    sinatra (1.3.3)
      rack (~> 1.3, >= 1.3.6)
      rack-protection (~> 1.2)
      tilt (~> 1.3, >= 1.3.3)
    terminal-table (1.4.5)
    thread_safe (0.2.0)
      atomic (>= 1.1.7, < 2)
    tilt (1.3.3)
    tzinfo (0.3.38)

PLATFORMS
  ruby

DEPENDENCIES
  activesupport
  commander
  grocer
  passbook
  rack
  rubyzip (~> 1.0.0)
  sinatra
  terminal-table
